GEM
  remote: https://rubygems.org/
  specs:
    actioncable (6.1.4.1)
      actionpack (= 6.1.4.1)
      activesupport (= 6.1.4.1)
      nio4r (~> 2.0)
      websocket-driver (>= 0.6.1)
    actionmailbox (6.1.4.1)
      actionpack (= 6.1.4.1)
      activejob (= 6.1.4.1)
      activerecord (= 6.1.4.1)
      activestorage (= 6.1.4.1)
      activesupport (= 6.1.4.1)
      mail (>= 2.7.1)
    actionmailer (6.1.4.1)
      actionpack (= 6.1.4.1)
      actionview (= 6.1.4.1)
      activejob (= 6.1.4.1)
      activesupport (= 6.1.4.1)
      mail (~> 2.5, >= 2.5.4)
      rails-dom-testing (~> 2.0)
    actionpack (6.1.4.1)
      actionview (= 6.1.4.1)
      activesupport (= 6.1.4.1)
      rack (~> 2.0, >= 2.0.9)
      rack-test (>= 0.6.3)
      rails-dom-testing (~> 2.0)
      rails-html-sanitizer (~> 1.0, >= 1.2.0)
    actiontext (6.1.4.1)
      actionpack (= 6.1.4.1)
      activerecord (= 6.1.4.1)
      activestorage (= 6.1.4.1)
      activesupport (= 6.1.4.1)
      nokogiri (>= 1.8.5)
    actionview (6.1.4.1)
      activesupport (= 6.1.4.1)
      builder (~> 3.1)
      erubi (~> 1.4)
      rails-dom-testing (~> 2.0)
      rails-html-sanitizer (~> 1.1, >= 1.2.0)
    activejob (6.1.4.1)
      activesupport (= 6.1.4.1)
      globalid (>= 0.3.6)
    activemodel (6.1.4.1)
      activesupport (= 6.1.4.1)
    activerecord (6.1.4.1)
      activemodel (= 6.1.4.1)
      activesupport (= 6.1.4.1)
    activestorage (6.1.4.1)
      actionpack (= 6.1.4.1)
      activejob (= 6.1.4.1)
      activerecord (= 6.1.4.1)
      activesupport (= 6.1.4.1)
      marcel (~> 1.0.0)
      mini_mime (>= 1.1.0)
    activesupport (6.1.4.1)
      concurrent-ruby (~> 1.0, >= 1.0.2)
      i18n (>= 1.6, < 2)
      minitest (>= 5.1)
      tzinfo (~> 2.0)
      zeitwerk (~> 2.3)
    addressable (2.8.0)
      public_suffix (>= 2.0.2, < 5.0)
    ast (2.4.2)
    autoprefixer-rails (10.3.3.0)
      execjs (~> 2)
    bcrypt (3.1.16)
    benchmark-malloc (0.2.0)
    benchmark-perf (0.6.0)
    benchmark-trend (0.4.0)
    better_errors (2.9.1)
      coderay (>= 1.0.0)
      erubi (>= 1.0.0)
      rack (>= 0.9.0)
    bindex (0.8.1)
    bootsnap (1.9.1)
      msgpack (~> 1.0)
    bootstrap (4.6.0)
      autoprefixer-rails (>= 9.1.0)
      popper_js (>= 1.14.3, < 2)
      sassc-rails (>= 2.0.0)
    builder (3.2.4)
    capybara (3.35.3)
      addressable
      mini_mime (>= 0.1.3)
      nokogiri (~> 1.8)
      rack (>= 1.6.0)
      rack-test (>= 0.6.3)
      regexp_parser (>= 1.5, < 3.0)
      xpath (~> 3.2)
    childprocess (4.1.0)
    chronic (0.10.2)
    coderay (1.1.3)
    concurrent-ruby (1.1.9)
    crass (1.0.6)
    daemons (1.4.1)
    database_cleaner (2.0.1)
      database_cleaner-active_record (~> 2.0.0)
    database_cleaner-active_record (2.0.1)
      activerecord (>= 5.a)
      database_cleaner-core (~> 2.0.0)
    database_cleaner-core (2.0.1)
    datagrid (1.6.3)
      rails (>= 4.0)
    delayed_job (4.1.9)
      activesupport (>= 3.0, < 6.2)
    delayed_job_active_record (4.1.6)
      activerecord (>= 3.0, < 6.2)
      delayed_job (>= 3.0, < 5)
    devise (4.8.0)
      bcrypt (~> 3.0)
      orm_adapter (~> 0.1)
      railties (>= 4.1.0)
      responders
      warden (~> 1.2.3)
    diff-lcs (1.4.4)
    docile (1.4.0)
    email_spec (2.2.0)
      htmlentities (~> 4.3.3)
      launchy (~> 2.1)
      mail (~> 2.7)
    erubi (1.10.0)
    execjs (2.8.1)
    factory_bot (6.2.0)
      activesupport (>= 5.0.0)
    factory_bot_rails (6.2.0)
      factory_bot (~> 6.2.0)
      railties (>= 5.0.0)
    faker (2.19.0)
      i18n (>= 1.6, < 2)
    ffi (1.15.4)
    globalid (0.5.2)
      activesupport (>= 5.0)
    htmlentities (4.3.4)
    i18n (1.8.10)
      concurrent-ruby (~> 1.0)
    image_processing (1.12.1)
      mini_magick (>= 4.9.5, < 5)
      ruby-vips (>= 2.0.17, < 3)
    innertube (1.1.0)
    joiner (0.6.0)
      activerecord (>= 6.1.0)
    kaminari (1.2.1)
      activesupport (>= 4.1.0)
      kaminari-actionview (= 1.2.1)
      kaminari-activerecord (= 1.2.1)
      kaminari-core (= 1.2.1)
    kaminari-actionview (1.2.1)
      actionview
      kaminari-core (= 1.2.1)
    kaminari-activerecord (1.2.1)
      activerecord
      kaminari-core (= 1.2.1)
    kaminari-core (1.2.1)
    launchy (2.5.0)
      addressable (~> 2.7)
    loofah (2.12.0)
      crass (~> 1.0.2)
      nokogiri (>= 1.5.9)
    mail (2.7.1)
      mini_mime (>= 0.1.1)
    marcel (1.0.1)
    memory_profiler (1.0.0)
    method_source (1.0.0)
    middleware (0.1.0)
    mini_magick (4.11.0)
    mini_mime (1.1.1)
    minitest (5.14.4)
    money (6.16.0)
      i18n (>= 0.6.4, <= 2)
    msgpack (1.4.2)
    mysql2 (0.5.3)
    nio4r (2.5.8)
    nokogiri (1.12.5-x86_64-linux)
      racc (~> 1.4)
    orm_adapter (0.5.0)
    paper_trail (11.1.0)
      activerecord (>= 5.2)
      request_store (~> 1.1)
    parallel (1.21.0)
    parser (3.0.2.0)
      ast (~> 2.4.1)
    pg (1.2.3)
    popper_js (1.16.0)
    public_suffix (4.0.6)
    puma (5.5.0)
      nio4r (~> 2.0)
    racc (1.5.2)
    rack (2.2.3)
    rack-mini-profiler (2.3.3)
      rack (>= 1.2.0)
    rack-proxy (0.7.0)
      rack
    rack-rewrite (1.5.1)
    rack-test (1.1.0)
      rack (>= 1.0, < 3)
    rails (6.1.4.1)
      actioncable (= 6.1.4.1)
      actionmailbox (= 6.1.4.1)
      actionmailer (= 6.1.4.1)
      actionpack (= 6.1.4.1)
      actiontext (= 6.1.4.1)
      actionview (= 6.1.4.1)
      activejob (= 6.1.4.1)
      activemodel (= 6.1.4.1)
      activerecord (= 6.1.4.1)
      activestorage (= 6.1.4.1)
      activesupport (= 6.1.4.1)
      bundler (>= 1.15.0)
      railties (= 6.1.4.1)
      sprockets-rails (>= 2.0.0)
    rails-controller-testing (1.0.5)
      actionpack (>= 5.0.1.rc1)
      actionview (>= 5.0.1.rc1)
      activesupport (>= 5.0.1.rc1)
    rails-dom-testing (2.0.3)
      activesupport (>= 4.2.0)
      nokogiri (>= 1.6)
    rails-html-sanitizer (1.4.2)
      loofah (~> 2.3)
    railties (6.1.4.1)
      actionpack (= 6.1.4.1)
      activesupport (= 6.1.4.1)
      method_source
      rake (>= 0.13)
      thor (~> 1.0)
    rainbow (3.0.0)
    rake (13.0.6)
    redis (4.4.0)
    regexp_parser (2.1.1)
    request_store (1.5.0)
      rack (>= 1.4)
    responders (3.0.1)
      actionpack (>= 5.0)
      railties (>= 5.0)
    rexml (3.2.5)
    riddle (2.4.2)
    rollbar (3.2.0)
    roo (2.8.3)
      nokogiri (~> 1)
      rubyzip (>= 1.3.0, < 3.0.0)
    rspec (3.10.0)
      rspec-core (~> 3.10.0)
      rspec-expectations (~> 3.10.0)
      rspec-mocks (~> 3.10.0)
    rspec-benchmark (0.6.0)
      benchmark-malloc (~> 0.2)
      benchmark-perf (~> 0.6)
      benchmark-trend (~> 0.4)
      rspec (>= 3.0)
    rspec-core (3.10.1)
      rspec-support (~> 3.10.0)
    rspec-expectations (3.10.1)
      diff-lcs (>= 1.2.0, < 2.0)
      rspec-support (~> 3.10.0)
    rspec-mocks (3.10.2)
      diff-lcs (>= 1.2.0, < 2.0)
      rspec-support (~> 3.10.0)
    rspec-rails (5.0.2)
      actionpack (>= 5.2)
      activesupport (>= 5.2)
      railties (>= 5.2)
      rspec-core (~> 3.10)
      rspec-expectations (~> 3.10)
      rspec-mocks (~> 3.10)
      rspec-support (~> 3.10)
    rspec-support (3.10.2)
    rspec_junit_formatter (0.4.1)
      rspec-core (>= 2, < 4, != 2.12.0)
    rubocop (1.21.0)
      parallel (~> 1.10)
      parser (>= 3.0.0.0)
      rainbow (>= 2.2.2, < 4.0)
      regexp_parser (>= 1.8, < 3.0)
      rexml
      rubocop-ast (>= 1.9.1, < 2.0)
      ruby-progressbar (~> 1.7)
      unicode-display_width (>= 1.4.0, < 3.0)
    rubocop-ast (1.11.0)
      parser (>= 3.0.1.1)
    rubocop-performance (1.11.5)
      rubocop (>= 1.7.0, < 2.0)
      rubocop-ast (>= 0.4.0)
    rubocop-rails (2.12.2)
      activesupport (>= 4.2.0)
      rack (>= 1.1)
      rubocop (>= 1.7.0, < 2.0)
    rubocop-rspec (2.4.0)
      rubocop (~> 1.0)
      rubocop-ast (>= 1.1.0)
    ruby-progressbar (1.11.0)
    ruby-vips (2.1.3)
      ffi (~> 1.12)
    rubyzip (2.3.2)
    sassc (2.4.0)
      ffi (~> 1.9)
    sassc-rails (2.1.2)
      railties (>= 4.0.0)
      sassc (>= 2.0)
      sprockets (> 3.0)
      sprockets-rails
      tilt
    scenic (1.5.4)
      activerecord (>= 4.0.0)
      railties (>= 4.0.0)
    selenium-webdriver (4.0.0.rc1)
      childprocess (>= 0.5, < 5.0)
      rexml (~> 3.2)
      rubyzip (>= 1.2.2)
    semantic_range (3.0.0)
    shoulda-callback-matchers (1.1.4)
      activesupport (>= 3)
    shoulda-matchers (5.0.0)
      activesupport (>= 5.2.0)
    simplecov (0.21.2)
      docile (~> 1.1)
      simplecov-html (~> 0.11)
      simplecov_json_formatter (~> 0.1)
    simplecov-html (0.12.3)
    simplecov_json_formatter (0.1.3)
    sprockets (3.7.2)
      concurrent-ruby (~> 1.0)
      rack (> 1, < 3)
    sprockets-rails (3.2.2)
      actionpack (>= 4.0)
      activesupport (>= 4.0)
      sprockets (>= 3.0.0)
    sqlite3 (1.4.2)
    text (1.3.1)
    thinking-sphinx (5.3.0)
      activerecord (>= 4.2.0)
      builder (>= 2.1.2)
      innertube (>= 1.0.2)
      joiner (>= 0.3.4)
      middleware (>= 0.1.0)
      riddle (~> 2.3)
    thor (1.1.0)
    tilt (2.0.10)
    tzinfo (2.0.4)
      concurrent-ruby (~> 1.0)
    unicode-display_width (2.1.0)
    validate_url (1.0.13)
      activemodel (>= 3.0.0)
      public_suffix
    warden (1.2.9)
      rack (>= 2.0.9)
    web-console (4.1.0)
      actionview (>= 6.0.0)
      activemodel (>= 6.0.0)
      bindex (>= 0.4.0)
      railties (>= 6.0.0)
    webpacker (5.4.3)
      activesupport (>= 5.2)
      rack-proxy (>= 0.6.1)
      railties (>= 5.2)
      semantic_range (>= 2.3.0)
    websocket-driver (0.7.5)
      websocket-extensions (>= 0.1.0)
    websocket-extensions (0.1.5)
    whenever (1.0.0)
      chronic (>= 0.6.3)
    xpath (3.2.0)
      nokogiri (~> 1.8)
    zeitwerk (2.4.2)

PLATFORMS
  x86_64-linux

DEPENDENCIES
  better_errors
  bootsnap (>= 1.4.3)
  bootstrap (~> 4)
  capybara (>= 3.14.0)
  daemons
  database_cleaner
  datagrid
  delayed_job (~> 4.1)
  delayed_job_active_record (>= 4.1.3)
  devise (~> 4.7)
  email_spec
  factory_bot_rails (~> 6.0)
  faker (>= 2.13)
  image_processing
  kaminari
  memory_profiler
  mini_magick
  money
  mysql2 (~> 0.5.2)
  nokogiri
  paper_trail (~> 11)
  parallel
  pg
  puma (>= 5)
  rack-mini-profiler
  rack-rewrite (~> 1.5.1)
  rails (= 6.1.4.1)
  rails-controller-testing
  redis
  rexml
  rollbar
  roo (~> 2.8.1)
  rspec
  rspec-benchmark
  rspec-rails (>= 4.0.1)
  rspec_junit_formatter
  rubocop
  rubocop-performance
  rubocop-rails
  rubocop-rspec
  rubyzip
  sassc-rails
  scenic
  selenium-webdriver (>= 4.0.0.rc1)
  shoulda-callback-matchers (~> 1.1.4)
  shoulda-matchers (>= 4.0.0)
  simplecov
  sprockets (~> 3.0)
  sqlite3
  text (>= 1.3.1)
  thinking-sphinx (~> 5.1)
  validate_url (>= 1.0.13)
  web-console
  webpacker (>= 4.0.2)
  whenever (~> 1.0.0)
  zeitwerk

BUNDLED WITH
   2.2.22
